GEM
  remote: https://rubygems.org/
  specs:
    gosu (0.10.1.2)

PLATFORMS
  ruby

DEPENDENCIES
  gosu

BUNDLED WITH
   1.10.6
