GEM
  remote: https://rubygems.org/
  specs:
    gosu (0.11.1)
    rmagick (2.16.0)

PLATFORMS
  ruby

DEPENDENCIES
  gosu
  rmagick

BUNDLED WITH
   1.12.5
